PATH
  remote: .
  specs:
    flor (0.2.0)
      munemo
      raabro (>= 1.0.5)
      sequel (>= 4.29.0)

PATH
  remote: ../raabro/
  specs:
    raabro (1.1.0)

GEM
  remote: https://rubygems.org/
  specs:
    diff-lcs (1.2.5)
    munemo (1.0.0)
    rspec (3.4.0)
      rspec-core (~> 3.4.0)
      rspec-expectations (~> 3.4.0)
      rspec-mocks (~> 3.4.0)
    rspec-core (3.4.1)
      rspec-support (~> 3.4.0)
    rspec-expectations (3.4.0)
      diff-lcs (>= 1.2.0, < 2.0)
      rspec-support (~> 3.4.0)
    rspec-mocks (3.4.0)
      diff-lcs (>= 1.2.0, < 2.0)
      rspec-support (~> 3.4.0)
    rspec-support (3.4.1)
    sequel (4.30.0)
    sqlite3 (1.3.11)

PLATFORMS
  ruby

DEPENDENCIES
  flor!
  raabro!
  rspec (= 3.4.0)
  sqlite3 (= 1.3.11)

BUNDLED WITH
   1.10.6
